GEM
  remote: https://code.stripe.com/
  remote: https://rubygems.org/
  specs:
    awesome_print (1.1.0)
    dotenv (0.8.0)
    faker (1.1.2)
      i18n (~> 0.5)
    foreman (0.63.0)
      dotenv (>= 0.7)
      thor (>= 0.13.6)
    heroku-deflater (0.5.1)
      rack (>= 1.4.5)
    i18n (0.6.4)
    kgio (2.8.0)
    newrelic_rpm (3.6.5.130)
    rack (1.5.2)
    rack-timeout (0.0.4)
    raindrops (0.11.0)
    redis (3.0.4)
    rvm (1.11.3.8)
    thor (0.18.1)
    unicorn (4.6.3)
      kgio (~> 2.6)
      rack
      raindrops (~> 0.7)

PLATFORMS
  ruby

DEPENDENCIES
  awesome_print
  faker
  foreman
  heroku-deflater
  newrelic_rpm
  rack-timeout
  redis
  rvm
  unicorn
